GIT
  remote: git://github.com/aphyr/riemann-dash.git
  revision: 05c473d23c26e7e63a7ec2998b4c7d9a207237d2
  specs:
    riemann-dash (0.2.8)
      erubis (>= 2.7.0)
      multi_json (= 1.3.6)
      sass (>= 3.1.14)
      sinatra (~> 1.4.5)
      webrick (~> 1.3.1)

GEM
  remote: https://rubygems.org/
  specs:
    erubis (2.7.0)
    multi_json (1.3.6)
    puma (2.8.2)
      rack (>= 1.1, < 2.0)
    rack (1.5.2)
    rack-protection (1.5.3)
      rack
    redis (3.1.0)
    sass (3.3.9)
    sinatra (1.4.5)
      rack (~> 1.4)
      rack-protection (~> 1.4)
      tilt (~> 1.3, >= 1.3.4)
    tilt (1.4.1)
    webrick (1.3.1)

PLATFORMS
  ruby

DEPENDENCIES
  puma
  redis
  riemann-dash!
